GEM
  specs:

GEM
  remote: https://rubygems.org/
  specs:
    rake (13.0.6)

PLATFORMS
  arm64-darwin-23
  ruby

DEPENDENCIES
  rake (~> 13.0.0)!

BUNDLED WITH
   2.5.4
